{
  "InstitutionName": "Ural Federal University",
  "InstitutionalDepartmentName": "Department of Psychology",
  "PowerLineFrequency": 50,
  "ManufacturersModelName": "Brain Products actiCHamp",
  "EEGGround": "Fpz",
  "EEGReference": "FCz",
  "EEGChannelCount": 63,
  "MiscChannelCount": 0,
  "EOGChannelCount": 0,
  "TaskDescription": "Sequences of 5, 9, or 13 digits presented auditorily by female voice.The participant were asked to either just listen to the stimuli or memorize them and later recall in correct serial order.",
  "TaskName": "mixed",
  "RecordingType": "continuous",
  "RecordingDuration": 7116.36,
  "SamplingFrequency": 1000,
  "ECGChannelCount": 0,
  "EMGChannelCount": 0,
  "SoftwareFilters": "n/a"
}